GEM
  remote: https://rubygems.org/
  specs:
    debase (0.2.1)
      debase-ruby_core_source
    debase-ruby_core_source (0.9.9)
    rake (12.0.0)
    ruby-debug-ide (0.6.0)
      rake (>= 0.8.1)
    tel_formatter (0.0.4)

PLATFORMS
  ruby

DEPENDENCIES
  debase
  ruby-debug-ide
  tel_formatter

BUNDLED WITH
   1.14.6
